GEM
  remote: https://rubygems.org/
  specs:
    backports (3.10.0)
    foreman (0.84.0)
      thor (~> 0.19.1)
    kgio (2.11.0)
    memcache-client (1.8.5)
    multi_json (1.12.2)
    mustermann (1.0.1)
    mysql2 (0.4.9)
    rack (2.0.3)
    rack-flash3 (1.0.5)
      rack
    rack-protection (2.0.0)
      rack
    raindrops (0.19.0)
    sinatra (2.0.0)
      mustermann (~> 1.0)
      rack (~> 2.0)
      rack-protection (= 2.0.0)
      tilt (~> 2.0)
    sinatra-contrib (2.0.0)
      backports (>= 2.0)
      multi_json
      mustermann (~> 1.0)
      rack-protection (= 2.0.0)
      sinatra (= 2.0.0)
      tilt (>= 1.3, < 3)
    thor (0.19.4)
    tilt (2.0.8)
    unicorn (5.3.1)
      kgio (~> 2.6)
      raindrops (~> 0.7)

PLATFORMS
  ruby

DEPENDENCIES
  foreman
  memcache-client
  mysql2
  rack-flash3
  sinatra
  sinatra-contrib
  unicorn

BUNDLED WITH
   1.15.4
